GEM
  remote: https://rubygems.org/
  specs:
    binding_of_caller (0.7.1)
      debug_inspector (>= 0.0.1)
    debug_inspector (0.0.2)
    diff-lcs (1.2.4)
    fakefs (0.4.2)
    git (1.2.5)
    jeweler (1.8.4)
      bundler (~> 1.0)
      git (>= 1.2.5)
      rake
      rdoc
    json (1.8.0)
    json (1.8.0-java)
    rake (10.0.4)
    rdoc (4.0.1)
      json (~> 1.4)
    redcarpet (2.3.0)
    rspec (2.13.0)
      rspec-core (~> 2.13.0)
      rspec-expectations (~> 2.13.0)
      rspec-mocks (~> 2.13.0)
    rspec-core (2.13.1)
    rspec-expectations (2.13.0)
      diff-lcs (>= 1.1.3, < 2.0)
    rspec-mocks (2.13.1)
    yard (0.8.6.1)

PLATFORMS
  java
  ruby

DEPENDENCIES
  binding_of_caller
  fakefs
  jeweler
  json
  redcarpet
  rspec
  yard
